GEM
  remote: http://rubygems.org/
  remote: http://rubygems.org/
  specs:
    kramdown (0.13.3)
    minitest (2.6.1)

PLATFORMS
  java

DEPENDENCIES
  kramdown
  minitest
